GEM
  remote: https://rubygems.org/
  specs:
    rake (10.4.2)
    rake-compiler (0.9.4)
      rake

PLATFORMS
  ruby

DEPENDENCIES
  rake-compiler
