PATH
  remote: .
  specs:
    rpi_gpio (0.1.3)

GEM
  remote: https://rubygems.org/
  specs:
    rake (10.4.2)
    rake-compiler (0.9.5)
      rake

PLATFORMS
  ruby

DEPENDENCIES
  rake-compiler
  rpi_gpio!
